GEM
  remote: https://rubygems.org/
  specs:
    daemons (1.1.9)
    dotenv (0.10.0)
    ethon (0.6.3)
      ffi (>= 1.3.0)
      mime-types (~> 1.18)
    ffi (1.9.3)
    firebase (0.1.6)
      json
      typhoeus (>= 0.6.1)
    json (1.8.1)
    mime-types (1.25.1)
    serialport (1.3.0)
    typhoeus (0.6.7)
      ethon (~> 0.6.2)

PLATFORMS
  ruby

DEPENDENCIES
  daemons
  dotenv
  firebase
  serialport
